GEM
  remote: https://rubygems.org/
  specs:
    ast (2.4.2)
    erubi (1.13.0)
    json (2.7.2)
    language_server-protocol (3.17.0.3)
    netrc (0.11.0)
    nio4r (2.7.3)
    parallel (1.25.1)
    parser (3.3.3.0)
      ast (~> 2.4.1)
      racc
    prism (0.30.0)
    puma (6.4.2)
      nio4r (~> 2.0)
    racc (1.8.0)
    rack (3.1.4)
    rainbow (3.1.1)
    rbi (0.1.13)
      prism (>= 0.18.0, < 1.0.0)
      sorbet-runtime (>= 0.5.9204)
    regexp_parser (2.9.2)
    rexml (3.3.1)
      strscan
    rubocop (1.64.1)
      json (~> 2.3)
      language_server-protocol (>= 3.17.0)
      parallel (~> 1.10)
      parser (>= 3.3.0.2)
      rainbow (>= 2.2.2, < 4.0)
      regexp_parser (>= 1.8, < 3.0)
      rexml (>= 3.2.5, < 4.0)
      rubocop-ast (>= 1.31.1, < 2.0)
      ruby-progressbar (~> 1.7)
      unicode-display_width (>= 2.4.0, < 3.0)
    rubocop-ast (1.31.3)
      parser (>= 3.3.1.0)
    ruby-progressbar (1.13.0)
    sorbet (0.5.11447)
      sorbet-static (= 0.5.11447)
    sorbet-runtime (0.5.11447)
    sorbet-static (0.5.11447-x86_64-linux)
    sorbet-static-and-runtime (0.5.11447)
      sorbet (= 0.5.11447)
      sorbet-runtime (= 0.5.11447)
    spoom (1.3.2)
      erubi (>= 1.10.0)
      prism (>= 0.19.0)
      sorbet-static-and-runtime (>= 0.5.10187)
      thor (>= 0.19.2)
    strscan (3.1.0)
    tapioca (0.14.4)
      bundler (>= 2.2.25)
      netrc (>= 0.11.0)
      parallel (>= 1.21.0)
      rbi (>= 0.1.4, < 0.2)
      sorbet-static-and-runtime (>= 0.5.11087)
      spoom (>= 1.2.0)
      thor (>= 1.2.0)
      yard-sorbet
    thor (1.3.1)
    ulid (1.4.0)
    unicode-display_width (2.5.0)
    yard (0.9.36)
    yard-sorbet (0.8.1)
      sorbet-runtime (>= 0.5)
      yard (>= 0.9)

PLATFORMS
  ruby
  x86_64-linux

DEPENDENCIES
  puma (~> 6.4)
  rack (~> 3.1)
  rubocop
  sorbet
  sorbet-runtime
  tapioca
  ulid

BUNDLED WITH
   2.5.14
