GEM
  remote: https://rubygems.org/
  specs:
    erubi (1.13.0)
    netrc (0.11.0)
    nio4r (2.7.3)
    parallel (1.25.1)
    prism (0.30.0)
    puma (6.4.2)
      nio4r (~> 2.0)
    rack (3.1.4)
    rbi (0.1.13)
      prism (>= 0.18.0, < 1.0.0)
      sorbet-runtime (>= 0.5.9204)
    sorbet (0.5.11447)
      sorbet-static (= 0.5.11447)
    sorbet-runtime (0.5.11447)
    sorbet-static (0.5.11447-x86_64-linux)
    sorbet-static-and-runtime (0.5.11447)
      sorbet (= 0.5.11447)
      sorbet-runtime (= 0.5.11447)
    spoom (1.3.2)
      erubi (>= 1.10.0)
      prism (>= 0.19.0)
      sorbet-static-and-runtime (>= 0.5.10187)
      thor (>= 0.19.2)
    tapioca (0.14.4)
      bundler (>= 2.2.25)
      netrc (>= 0.11.0)
      parallel (>= 1.21.0)
      rbi (>= 0.1.4, < 0.2)
      sorbet-static-and-runtime (>= 0.5.11087)
      spoom (>= 1.2.0)
      thor (>= 1.2.0)
      yard-sorbet
    thor (1.3.1)
    ulid (1.4.0)
    yard (0.9.36)
    yard-sorbet (0.8.1)
      sorbet-runtime (>= 0.5)
      yard (>= 0.9)

PLATFORMS
  ruby
  x86_64-linux

DEPENDENCIES
  puma (~> 6.4)
  rack (~> 3.1)
  sorbet
  sorbet-runtime
  tapioca
  ulid

BUNDLED WITH
   2.5.14
